GEM
  specs:
    colorize (0.7.7)
    docile (1.1.5)
    json (1.8.3)
    simplecov (0.11.2)
      docile (~> 1.1.0)
      json (~> 1.8)
      simplecov-html (~> 0.10.0)
    simplecov-html (0.10.0)

PLATFORMS
  ruby

DEPENDENCIES
  colorize
  simplecov

BUNDLED WITH
   1.11.2
